GEM
  remote: https://rubygems.org/
  specs:
    actioncable (5.1.7)
      actionpack (= 5.1.7)
      nio4r (~> 2.0)
      websocket-driver (~> 0.6.1)
    actionmailer (5.1.7)
      actionpack (= 5.1.7)
      actionview (= 5.1.7)
      activejob (= 5.1.7)
      mail (~> 2.5, >= 2.5.4)
      rails-dom-testing (~> 2.0)
    actionpack (5.1.7)
      actionview (= 5.1.7)
      activesupport (= 5.1.7)
      rack (~> 2.0)
      rack-test (>= 0.6.3)
      rails-dom-testing (~> 2.0)
      rails-html-sanitizer (~> 1.0, >= 1.0.2)
    actionview (5.1.7)
      activesupport (= 5.1.7)
      builder (~> 3.1)
      erubi (~> 1.4)
      rails-dom-testing (~> 2.0)
      rails-html-sanitizer (~> 1.0, >= 1.0.3)
    activejob (5.1.7)
      activesupport (= 5.1.7)
      globalid (>= 0.3.6)
    activemodel (5.1.7)
      activesupport (= 5.1.7)
    activemodel-serializers-xml (1.0.2)
      activemodel (> 5.x)
      activesupport (> 5.x)
      builder (~> 3.1)
    activerecord (5.1.7)
      activemodel (= 5.1.7)
      activesupport (= 5.1.7)
      arel (~> 8.0)
    activeresource (5.1.1)
      activemodel (>= 5.0, < 7)
      activemodel-serializers-xml (~> 1.0)
      activesupport (>= 5.0, < 7)
    activesupport (5.1.7)
      concurrent-ruby (~> 1.0, >= 1.0.2)
      i18n (>= 0.7, < 2)
      minitest (~> 5.1)
      tzinfo (~> 1.1)
    addressable (2.3.8)
    airbrussh (1.3.1)
      sshkit (>= 1.6.1, != 1.7.0)
    arel (8.0.0)
    ast (2.4.1)
    autoprefixer-rails (9.4.10)
      execjs
    av (0.9.0)
      cocaine (~> 0.5.3)
    aws-sdk (2.11.173)
      aws-sdk-resources (= 2.11.173)
    aws-sdk-core (2.11.173)
      aws-sigv4 (~> 1.0)
      jmespath (~> 1.0)
    aws-sdk-resources (2.11.173)
      aws-sdk-core (= 2.11.173)
    aws-sigv4 (1.0.3)
    bcrypt (3.1.12)
    bcrypt_pbkdf (1.0.0)
    bindex (0.8.1)
    bootbox-rails (0.5.0)
    bootstrap (4.3.1)
      autoprefixer-rails (>= 9.1.0)
      popper_js (>= 1.14.3, < 2)
      sassc-rails (>= 2.0.0)
    browser_sniffer (1.1.3)
    builder (3.2.4)
    byebug (11.0.0)
      columnize (= 0.9.0)
    capistrano (3.11.0)
      airbrussh (>= 1.0.0)
      i18n
      rake (>= 10.0.0)
      sshkit (>= 1.9.0)
    capistrano-bundler (1.4.0)
      capistrano (~> 3.1)
      sshkit (~> 1.2)
    capistrano-passenger (0.2.0)
      capistrano (~> 3.0)
    capistrano-rails (1.4.0)
      capistrano (~> 3.1)
      capistrano-bundler (~> 1.1)
    capistrano-rbenv (2.1.4)
      capistrano (~> 3.1)
      sshkit (~> 1.3)
    capybara (2.1.0)
      mime-types (>= 1.16)
      nokogiri (>= 1.3.3)
      rack (>= 2.0.0)
      rack-test (>= 0.5.4)
      xpath (~> 2.0)
    caxlsx (3.0.1)
      htmlentities (~> 4.3, >= 4.3.4)
      mimemagic (~> 0.3)
      nokogiri (~> 1.10, >= 1.10.4)
      rubyzip (>= 1.3.0, < 3)
    childprocess (3.0.0)
    chronic (0.10.2)
    climate_control (0.2.0)
    clipboard-rails (1.7.1)
    cocaine (0.5.8)
      climate_control (>= 0.0.3, < 1.0)
    coderay (1.1.3)
    coffee-rails (4.2.2)
      coffee-script (>= 2.2.0)
      railties (>= 4.0.0)
    coffee-script (2.4.1)
      coffee-script-source
      execjs
    coffee-script-source (1.12.2)
    columnize (0.9.0)
    concurrent-ruby (1.1.6)
    connection_pool (2.2.3)
    crass (1.0.6)
    daemons (1.2.6)
    database_cleaner (1.0.1)
    devise (4.7.1)
      bcrypt (~> 3.0)
      orm_adapter (~> 0.1)
      railties (>= 5.1.0)
      responders
      warden (~> 1.2.3)
    docile (1.3.2)
    ed25519 (1.2.4)
    erubi (1.9.0)
    eventmachine (1.2.7)
    excon (0.73.0)
    execjs (2.7.0)
    factory_girl (4.2.0)
      activesupport (>= 5.1.0)
    factory_girl_rails (4.2.1)
      factory_girl (~> 4.2.0)
      railties (>= 5.1.0)
    faker (1.1.2)
      i18n (~> 0.5)
    faraday (0.9.2)
      multipart-post (>= 1.2, < 3)
    fastimage (1.7.0)
      addressable (~> 2.3, >= 2.3.5)
    ffi (1.13.1)
    font-awesome-rails (4.6.3.1)
      railties (>= 3.2, < 6.0)
    get_process_mem (0.2.3)
    globalid (0.4.2)
      activesupport (>= 4.2.0)
    graphql (1.11.0)
    graphql-client (0.16.0)
      activesupport (>= 3.0)
      graphql (~> 1.8)
    hashie (4.1.0)
    highline (1.7.10)
    htmlentities (4.3.4)
    i18n (0.9.5)
      concurrent-ruby (~> 1.0)
    jbuilder (2.8.0)
      activesupport (>= 5.1.0)
      multi_json (>= 1.2)
    jmespath (1.4.0)
    jquery-fileupload-rails (0.4.7)
      actionpack (>= 3.1)
      railties (>= 3.1)
      sass (>= 3.2)
    jquery-rails (4.0.5)
      rails-dom-testing (~> 2.0)
      railties (>= 5.1.0)
      thor (>= 0.14, < 2.0)
    jquery-ui-rails (5.0.5)
      railties (>= 5.1.0)
    json (1.8.6)
    jwt (2.2.1)
    kaminari (1.2.1)
      activesupport (>= 4.1.0)
      kaminari-actionview (= 1.2.1)
      kaminari-activerecord (= 1.2.1)
      kaminari-core (= 1.2.1)
    kaminari-actionview (1.2.1)
      actionview
      kaminari-core (= 1.2.1)
    kaminari-activerecord (1.2.1)
      activerecord
      kaminari-core (= 1.2.1)
    kaminari-core (1.2.1)
    kgio (2.11.2)
    launchy (2.2.0)
      addressable (~> 2.3)
    letter_opener (1.7.0)
      launchy (~> 2.2)
    listen (3.2.1)
      rb-fsevent (~> 0.10, >= 0.10.3)
      rb-inotify (~> 0.9, >= 0.9.10)
    loofah (2.5.0)
      crass (~> 1.0.2)
      nokogiri (>= 1.5.9)
    macaddr (1.7.2)
      systemu (~> 2.6.5)
    mail (2.7.1)
      mini_mime (>= 0.1.1)
    metaclass (0.0.4)
    method_source (0.8.2)
    mime-types (3.2.2)
      mime-types-data (~> 3.2015)
    mime-types-data (3.2018.0812)
    mimemagic (0.3.3)
    mini_mime (1.0.2)
    mini_portile2 (2.4.0)
    minitest (5.14.1)
    mocha (1.7.0)
      metaclass (~> 0.0.1)
    multi_json (1.14.1)
    multi_xml (0.6.0)
    multipart-post (2.1.1)
    net-scp (1.2.1)
      net-ssh (>= 2.6.5)
    net-ssh (5.1.0)
    nio4r (2.5.2)
    nokogiri (1.10.9)
      mini_portile2 (~> 2.4.0)
    oauth2 (1.4.4)
      faraday (>= 0.8, < 2.0)
      jwt (>= 1.0, < 3.0)
      multi_json (~> 1.3)
      multi_xml (~> 0.5)
      rack (>= 1.2, < 3)
    octokit (3.8.0)
      sawyer (~> 0.6.0, >= 0.5.3)
    omniauth (1.9.1)
      hashie (>= 3.4.6)
      rack (>= 1.6.2, < 3)
    omniauth-oauth2 (1.5.0)
      oauth2 (~> 1.1)
      omniauth (~> 1.2)
    omniauth-shopify-oauth2 (2.1.0)
      activesupport
      omniauth-oauth2 (~> 1.5.0)
    options (2.3.2)
    orm_adapter (0.5.0)
    paperclip (5.2.1)
      activemodel (>= 4.2.0)
      activesupport (>= 4.2.0)
      cocaine (~> 0.5.5)
      mime-types
      mimemagic (~> 0.3.0)
    paperclip-av-transcoder (0.6.4)
      av (~> 0.9.0)
      paperclip (>= 2.5.2)
    parallel (1.19.1)
    parser (2.7.1.3)
      ast (~> 2.4.0)
    pg (0.18.4)
    photoswipe-rails (4.0.8a)
    popper_js (1.14.5)
    progress_bar (1.0.5)
      highline (~> 1.6)
      options (~> 2.3.0)
    pry (0.10.4)
      coderay (~> 1.1.0)
      method_source (~> 0.8.1)
      slop (~> 3.4)
    pry-rails (0.3.9)
      pry (>= 0.10.4)
    quick_random_records (0.3.2)
      activerecord (>= 3)
    rack (2.2.3)
    rack-protection (2.0.8.1)
      rack
    rack-test (1.1.0)
      rack (>= 1.0, < 3)
    railroady (1.5.3)
    rails (5.1.7)
      actioncable (= 5.1.7)
      actionmailer (= 5.1.7)
      actionpack (= 5.1.7)
      actionview (= 5.1.7)
      activejob (= 5.1.7)
      activemodel (= 5.1.7)
      activerecord (= 5.1.7)
      activesupport (= 5.1.7)
      bundler (>= 1.3.0)
      railties (= 5.1.7)
      sprockets-rails (>= 2.0.0)
    rails-controller-testing (1.0.4)
      actionpack (>= 5.0.1.x)
      actionview (>= 5.0.1.x)
      activesupport (>= 5.0.1.x)
    rails-dom-testing (2.0.3)
      activesupport (>= 4.2.0)
      nokogiri (>= 1.6)
    rails-html-sanitizer (1.3.0)
      loofah (~> 2.3)
    railties (5.1.7)
      actionpack (= 5.1.7)
      activesupport (= 5.1.7)
      method_source
      rake (>= 0.8.7)
      thor (>= 0.18.1, < 2.0)
    rainbow (3.0.0)
    raindrops (0.19.0)
    rake (13.0.1)
    rb-fsevent (0.10.4)
    rb-inotify (0.10.1)
      ffi (~> 1.0)
    rdoc (4.3.0)
    redactor-rails (0.5.0)
      devise
      mime-types
      orm_adapter
    redis (4.2.1)
    regexp_parser (1.7.1)
    responders (2.4.1)
      actionpack (>= 5.1.0, < 6.0)
      railties (>= 5.1.0, < 6.0)
    rexml (3.2.4)
    rubocop (0.85.1)
      parallel (~> 1.10)
      parser (>= 2.7.0.1)
      rainbow (>= 2.2.2, < 4.0)
      regexp_parser (>= 1.7)
      rexml
      rubocop-ast (>= 0.0.3)
      ruby-progressbar (~> 1.7)
      unicode-display_width (>= 1.4.0, < 2.0)
    rubocop-ast (0.0.3)
      parser (>= 2.7.0.1)
    rubocop-rails (2.6.0)
      activesupport (>= 4.2.0)
      rack (>= 1.1)
      rubocop (>= 0.82.0)
    ruby-progressbar (1.10.1)
    rubyzip (2.3.0)
    s3_direct_upload (0.1.7)
      coffee-rails (>= 3.1)
      jquery-fileupload-rails (~> 0.4.1)
      rails (>= 3.1)
      sass-rails (>= 3.1)
    saml_idp (0.8.1)
      activesupport (>= 3.2)
      builder (>= 3.0)
      nokogiri (>= 1.6.2)
      uuid (>= 2.3)
    sass (3.7.4)
      sass-listen (~> 4.0.0)
    sass-listen (4.0.0)
      rb-fsevent (~> 0.9, >= 0.9.4)
      rb-inotify (~> 0.9, >= 0.9.7)
    sass-rails (5.0.7)
      railties (>= 4.0.0, < 6)
      sass (~> 3.1)
      sprockets (>= 2.8, < 4.0)
      sprockets-rails (>= 2.0, < 4.0)
      tilt (>= 1.1, < 3)
    sassc (2.0.1)
      ffi (~> 1.9)
      rake
    sassc-rails (2.1.0)
      railties (>= 5.1.0)
      sassc (>= 2.0)
      sprockets (> 3.0)
      sprockets-rails
      tilt
    sawyer (0.6.0)
      addressable (~> 2.3.5)
      faraday (~> 0.8, < 0.10)
    sdoc (0.4.2)
      json (~> 1.7, >= 1.7.7)
      rdoc (~> 4.0)
    select2-rails (4.0.3)
      thor (~> 1.0.1)
    selenium-webdriver (3.142.7)
      childprocess (>= 0.5, < 4.0)
      rubyzip (>= 1.2.2)
    shopify_api (9.1.0)
      activeresource (>= 4.1.0, < 6.0.0)
      graphql-client
      rack
    shopify_app (9.0.4)
      browser_sniffer (~> 1.1.2)
      omniauth-shopify-oauth2 (~> 2.1.0)
      rails (>= 5.0.0)
      shopify_api (>= 7.0.0)
    sidekiq (6.0.7)
      connection_pool (>= 2.2.2)
      rack (~> 2.0)
      rack-protection (>= 2.0.0)
      redis (>= 4.1.0)
    simplecov (0.18.5)
      docile (~> 1.1)
      simplecov-html (~> 0.11)
    simplecov-html (0.12.2)
    slop (3.6.0)
    spring (2.1.0)
    spring-watcher-listen (2.0.1)
      listen (>= 2.7, < 4.0)
      spring (>= 1.2, < 3.0)
    sprockets (3.7.2)
      concurrent-ruby (~> 1.0)
      rack (> 1, < 3)
    sprockets-rails (3.2.1)
      actionpack (>= 4.0)
      activesupport (>= 4.0)
      sprockets (>= 3.0.0)
    sshkit (1.18.2)
      net-scp (>= 1.1.2)
      net-ssh (>= 2.8.0)
    systemu (2.6.5)
    thin (1.6.4)
      daemons (~> 1.0, >= 1.0.9)
      eventmachine (~> 1.0, >= 1.0.4)
      rack (~> 2.0)
    thor (1.0.1)
    thread_safe (0.3.6)
    tilt (2.0.10)
    toastr-rails (1.0.3)
      railties (>= 3.1.0)
    turbolinks (5.2.1)
      turbolinks-source (~> 5.2)
    turbolinks-source (5.2.0)
    tzinfo (1.2.7)
      thread_safe (~> 0.1)
    uglifier (4.1.20)
      execjs (>= 0.3.0, < 3)
    unicode-display_width (1.7.0)
    unicorn (5.4.1)
      kgio (~> 2.6)
      raindrops (~> 0.7)
    unicorn-worker-killer (0.4.4)
      get_process_mem (~> 0)
      unicorn (>= 4, < 6)
    uuid (2.3.9)
      macaddr (~> 1.0)
    warden (1.2.7)
      rack (>= 2.0)
    web-console (3.7.0)
      actionview (>= 5.1.7)
      activemodel (>= 5.1.7)
      bindex (>= 0.4.0)
      railties (>= 5.1.7)
    websocket-driver (0.6.5)
      websocket-extensions (>= 0.1.0)
    websocket-extensions (0.1.5)
    whenever (0.10.0)
      chronic (>= 0.6.3)
    wicked_pdf (2.0.2)
      activesupport
    will_paginate (3.3.0)
    will_paginate-bootstrap4 (0.2.2)
      will_paginate (~> 3.0, >= 3.0.0)
    wkhtmltopdf-binary (0.12.5)
    xpath (2.1.0)
      nokogiri (~> 1.3)
    youtube_id (0.1.0)

PLATFORMS
  ruby

DEPENDENCIES
  aws-sdk (~> 2.0)
  bcrypt (~> 3.1.10)
  bcrypt_pbkdf (~> 1.0)
  bootbox-rails (~> 0.4)
  bootstrap (~> 4.3.1)
  byebug
  capistrano (~> 3.9)
  capistrano-bundler
  capistrano-passenger (>= 0.1.1)
  capistrano-rails
  capistrano-rbenv (~> 2.1)
  capybara (~> 2.1.0)
  caxlsx (~> 3.0.1)
  clipboard-rails
  coffee-rails (= 4.2.2)
  database_cleaner (~> 1.0.1)
  ed25519 (~> 1.2)
  excon
  factory_girl_rails (~> 4.2.1)
  faker (~> 1.1.2)
  fastimage (~> 1.7.0)
  font-awesome-rails (~> 4.6.3.0)
  jbuilder (~> 2.8.0)
  jquery-rails (~> 4.0.5)
  jquery-ui-rails (~> 5.0.5)
  kaminari
  launchy (~> 2.2)
  letter_opener
  listen (~> 3.2.1)
  mocha
  net-ssh
  octokit (~> 3.0)
  paperclip
  paperclip-av-transcoder
  pg (~> 0.18.2)
  photoswipe-rails (~> 4.0.8a)
  progress_bar (~> 1.0.3)
  pry (~> 0.10.4)
  pry-rails (~> 0.3.9)
  quick_random_records (~> 0.3.2)
  railroady
  rails (~> 5.1.0)
  rails-controller-testing
  redactor-rails (~> 0.5.0)
  rubocop-rails
  rubyzip (~> 2.1)
  s3_direct_upload
  saml_idp (~> 0.8.0)
  sass-rails (~> 5.0.7)
  sdoc (~> 0.4.0)
  select2-rails
  selenium-webdriver (~> 3.142.7)
  shopify_app (= 9.0.4)
  sidekiq
  simplecov
  spring (~> 2.1.0)
  spring-watcher-listen (~> 2.0.0)
  thin (~> 1.6.3)
  toastr-rails
  turbolinks (~> 5)
  uglifier (>= 1.3.0)
  unicorn-worker-killer (~> 0.4.3)
  web-console (>= 3.7)
  whenever
  wicked_pdf
  will_paginate (~> 3.3.0)
  will_paginate-bootstrap4
  wkhtmltopdf-binary
  youtube_id

RUBY VERSION
   ruby 2.5.3p105

BUNDLED WITH
   1.17.3
